GEM
  remote: http://rubygems.org/
  specs:
    activesupport (2.1.2)
    git (1.2.5)
    jdbc-derby (10.6.2.1-java)
    jeweler (1.8.3)
      bundler (~> 1.0)
      git (>= 1.2.5)
      rake
      rdoc
    json (1.6.5-java)
    rake (0.9.2.2)
    rdoc (3.12)
      json (~> 1.4)
    rmaven (0.0.1)

PLATFORMS
  java

DEPENDENCIES
  activesupport (~> 2.1.2)
  bundler (~> 1.0.22)
  jdbc-derby (= 10.6.2.1)
  jeweler (~> 1.8.3)
  rdoc (~> 3.12)
  rmaven (~> 0.0.1)
