PATH
  remote: .
  specs:
    rubeus (0.1.1-java)
      activesupport (< 4.0.0)

GEM
  remote: https://rubygems.org/
  specs:
    activesupport (3.2.14)
      i18n (~> 0.6, >= 0.6.4)
      multi_json (~> 1.0)
    i18n (0.6.5)
    jdbc-derby (10.6.2.1-java)
    minitest (5.0.7)
    multi_json (1.8.0)
    rake (0.9.2.2)
    rmaven (0.0.1)

PLATFORMS
  java

DEPENDENCIES
  bundler (~> 1.3)
  jdbc-derby (= 10.6.2.1)
  minitest
  rake
  rmaven (= 0.0.1)
  rubeus!
